PATH
  remote: .
  specs:
    resque-lifecycle (0.1.1)

GEM
  remote: https://rubygems.org/
  specs:
    bump (0.4.3)
    minitest (4.7.5)
    rake (10.1.0)

PLATFORMS
  ruby

DEPENDENCIES
  bump
  minitest
  rake
  resque-lifecycle!
